PATH
  remote: .
  specs:
    occupier (1.0.0)
      bson
      bson_ext
      mongo
      mongo_ext

GEM
  remote: https://rubygems.org/
  specs:
    bson (4.2.1)
    bson_ext (1.5.1)
    byebug (2.7.0)
      columnize (~> 0.3)
      debugger-linecache (~> 1.2)
    childprocess (0.5.3)
      ffi (~> 1.0, >= 1.0.11)
    coderay (1.0.9)
    columnize (0.8.9)
    debugger-linecache (1.2.0)
    diff-lcs (1.2.5)
    faker (1.4.2)
      i18n (~> 0.5)
    ffi (1.9.3)
    guard (1.6.2)
      listen (>= 0.6.0)
      lumberjack (>= 1.0.2)
      pry (>= 0.9.10)
      terminal-table (>= 1.4.3)
      thor (>= 0.14.6)
    guard-rspec (2.4.0)
      guard (>= 1.1)
      rspec (~> 2.11)
    guard-spork (1.4.1)
      childprocess (>= 0.2.3)
      guard (>= 1.1)
      spork (>= 0.8.4)
    i18n (0.6.11)
    listen (0.7.2)
    lumberjack (1.0.2)
    method_source (0.8.1)
    mongo (2.4.1)
      bson (>= 4.2.1, < 5.0.0)
    mongo_ext (0.19.3)
    pry (0.9.12.1)
      coderay (~> 1.0.5)
      method_source (~> 0.8)
      slop (~> 3.4)
    pry-byebug (1.3.2)
      byebug (~> 2.7)
      pry (~> 0.9.12)
    rspec (2.99.0)
      rspec-core (~> 2.99.0)
      rspec-expectations (~> 2.99.0)
      rspec-mocks (~> 2.99.0)
    rspec-core (2.99.1)
    rspec-expectations (2.99.2)
      diff-lcs (>= 1.1.3, < 2.0)
    rspec-mocks (2.99.2)
    slop (3.4.4)
    spork (1.0.0rc3)
    terminal-table (1.4.5)
    thor (0.19.1)

PLATFORMS
  ruby

DEPENDENCIES
  faker
  guard-rspec (~> 2.4.0)
  guard-spork
  occupier!
  pry-byebug
  rspec (~> 2.14)
  spork (~> 1.0rc)

BUNDLED WITH
   1.15.0
